PATH
  remote: .
  specs:
    guard-sorbet (0.0.1)
      guard (~> 2.0)
      guard-compat (~> 1.0)
      sorbet (~> 0.5.0)
      sorbet-runtime (~> 0.5.0)

GEM
  remote: https://rubygems.org/
  specs:
    coderay (1.1.2)
    ffi (1.12.2)
    formatador (0.2.5)
    guard (2.16.1)
      formatador (>= 0.2.4)
      listen (>= 2.7, < 4.0)
      lumberjack (>= 1.0.12, < 2.0)
      nenv (~> 0.1)
      notiffany (~> 0.0)
      pry (>= 0.9.12)
      shellany (~> 0.0)
      thor (>= 0.18.1)
    guard-compat (1.2.1)
    listen (3.2.1)
      rb-fsevent (~> 0.10, >= 0.10.3)
      rb-inotify (~> 0.9, >= 0.9.10)
    lumberjack (1.2.4)
    method_source (0.9.2)
    nenv (0.3.0)
    notiffany (0.1.3)
      nenv (~> 0.1)
      shellany (~> 0.0)
    pry (0.12.2)
      coderay (~> 1.1.0)
      method_source (~> 0.9.0)
    rb-fsevent (0.10.3)
    rb-inotify (0.10.1)
      ffi (~> 1.0)
    shellany (0.0.1)
    sorbet (0.5.5345)
      sorbet-static (= 0.5.5345)
    sorbet-runtime (0.5.5345)
    sorbet-static (0.5.5345-universal-darwin-14)
    thor (1.0.1)

PLATFORMS
  ruby

DEPENDENCIES
  guard-sorbet!

BUNDLED WITH
   2.0.2
